GEM
  remote: https://rubygems.org/
  specs:
    minitest (5.12.2)
    nsrr (5.0.0)
      bundler (>= 1.3.0)
      minitest
      rake
    rake (13.0.0)

PLATFORMS
  ruby

DEPENDENCIES
  nsrr (~> 5.0.0)

BUNDLED WITH
   2.0.2
